GEM
  remote: https://rubygems.org/
  specs:
    nio4r (2.3.1)
    redis (4.0.3)

PLATFORMS
  ruby

DEPENDENCIES
  nio4r
  redis (~> 4.0, >= 4.0.3)

RUBY VERSION
   ruby 2.5.3p105

BUNDLED WITH
   1.17.1
