GEM
  remote: https://rubygems.org/
  specs:
    eventmachine (1.2.7)
    faye-websocket (0.10.7)
      eventmachine (>= 0.12.0)
      websocket-driver (>= 0.5.1)
    nio4r (2.3.1)
    redis (4.0.3)
    websocket (1.2.8)
    websocket-driver (0.7.0)
      websocket-extensions (>= 0.1.0)
    websocket-extensions (0.1.3)

PLATFORMS
  ruby

DEPENDENCIES
  faye-websocket
  nio4r
  redis (~> 4.0, >= 4.0.3)
  websocket

RUBY VERSION
   ruby 2.5.3p105

BUNDLED WITH
   1.17.1
